RESTRICTION: >= net452
NUGET
  remote: https://api.nuget.org/v3/index.json
    Newtonsoft.Json (7.0.1)
